PATH
  remote: .
  specs:
    rulo (0.0.1)
      rake (>= 10, < 14)

GEM
  remote: https://rubygems.org/
  specs:
    minitest (5.11.3)
    rack (2.0.7)
    rack-test (1.1.0)
      rack (>= 1.0, < 3)
    rake (13.0.1)

PLATFORMS
  ruby

DEPENDENCIES
  bundler (~> 2.0)
  minitest (~> 5.0)
  rack
  rack-test
  rulo!

BUNDLED WITH
   2.0.2
